PATH
  remote: .
  specs:
    liprug (0.0.1)
      rdiscount
      redis
      sinatra
      slim
      unicorn

GEM
  remote: https://rubygems.org/
  specs:
    kgio (2.8.0)
    rack (1.5.2)
    rack-protection (1.5.0)
      rack
    raindrops (0.12.0)
    rake (10.1.0)
    rdiscount (2.1.6)
    redis (3.0.4)
    sinatra (1.4.3)
      rack (~> 1.4)
      rack-protection (~> 1.4)
      tilt (~> 1.3, >= 1.3.4)
    slim (2.0.1)
      temple (~> 0.6.6)
      tilt (>= 1.3.3, < 2.1)
    temple (0.6.6)
    tilt (1.4.1)
    unicorn (4.6.3)
      kgio (~> 2.6)
      rack
      raindrops (~> 0.7)

PLATFORMS
  ruby

DEPENDENCIES
  bundler (~> 1.3)
  liprug!
  rake
