PATH
  remote: .
  specs:
    liprug (0.0.2)
      rdiscount
      redis
      sinatra
      slim
      unicorn

GEM
  remote: https://rubygems.org/
  specs:
    kgio (2.11.0)
    mustermann (1.0.1)
    rack (2.0.3)
    rack-protection (2.0.0)
      rack
    raindrops (0.19.0)
    rake (10.1.0)
    rdiscount (2.2.0.1)
    redis (4.0.1)
    sinatra (2.0.0)
      mustermann (~> 1.0)
      rack (~> 2.0)
      rack-protection (= 2.0.0)
      tilt (~> 2.0)
    slim (3.0.9)
      temple (>= 0.7.6, < 0.9)
      tilt (>= 1.3.3, < 2.1)
    temple (0.8.0)
    tilt (2.0.8)
    unicorn (5.3.1)
      kgio (~> 2.6)
      raindrops (~> 0.7)

PLATFORMS
  ruby

DEPENDENCIES
  bundler (~> 1.3)
  liprug!
  rake

BUNDLED WITH
   1.15.4
